PATH
  remote: .
  specs:
    one_doc (0.0.0)
      github-linguist
      nokogiri

GEM
  remote: https://rubygems.org/
  specs:
    charlock_holmes (0.7.3)
    escape_utils (1.1.0)
    github-linguist (4.5.9)
      charlock_holmes (~> 0.7.3)
      escape_utils (~> 1.1.0)
      mime-types (>= 1.19)
      rugged (>= 0.23.0b)
    mime-types (2.6.1)
    mini_portile (0.6.2)
    nokogiri (1.6.6.2)
      mini_portile (~> 0.6.0)
    rugged (0.23.0b4)

PLATFORMS
  ruby

DEPENDENCIES
  one_doc!
